GEM
  remote: https://rubygems.org/
  specs:
    httparty (0.14.0)
      multi_xml (>= 0.5.2)
    multi_xml (0.5.5)
    pg (0.19.0)
    sqlite3 (1.3.12)

PLATFORMS
  ruby

DEPENDENCIES
  httparty
  pg
  sqlite3

RUBY VERSION
   ruby 2.3.1p112

BUNDLED WITH
   1.13.6
